GEM
  remote: https://rubygems.org/
  specs:
    addressable (2.5.1)
      public_suffix (~> 2.0, >= 2.0.2)
    axiom-types (0.1.1)
      descendants_tracker (~> 0.0.4)
      ice_nine (~> 0.11.0)
      thread_safe (~> 0.3, >= 0.3.1)
    coercible (1.0.0)
      descendants_tracker (~> 0.0.1)
    descendants_tracker (0.0.4)
      thread_safe (~> 0.3, >= 0.3.1)
    easy_translate (0.5.0)
      json
      thread
      thread_safe
    equalizer (0.0.11)
    faraday (0.12.1)
      multipart-post (>= 1.2, < 3)
    google-cloud-core (1.0.0)
      google-cloud-env (~> 1.0)
      googleauth (~> 0.5.1)
    google-cloud-env (1.0.0)
      faraday (~> 0.11)
    google-cloud-translate (1.0.0)
      google-cloud-core (~> 1.0)
      googleauth (~> 0.5.1)
    googleauth (0.5.1)
      faraday (~> 0.9)
      jwt (~> 1.4)
      logging (~> 2.0)
      memoist (~> 0.12)
      multi_json (~> 1.11)
      os (~> 0.9)
      signet (~> 0.7)
    ice_nine (0.11.2)
    json (2.1.0)
    jwt (1.5.6)
    little-plugger (1.1.4)
    logging (2.2.2)
      little-plugger (~> 1.1)
      multi_json (~> 1.10)
    memoist (0.16.0)
    multi_json (1.12.1)
    multipart-post (2.0.0)
    os (0.9.6)
    public_suffix (2.0.5)
    signet (0.7.3)
      addressable (~> 2.3)
      faraday (~> 0.9)
      jwt (~> 1.5)
      multi_json (~> 1.10)
    telegram-bot-ruby (0.8.1)
      faraday
      virtus
    thread (0.2.2)
    thread_safe (0.3.6)
    virtus (1.0.5)
      axiom-types (~> 0.1)
      coercible (~> 1.0)
      descendants_tracker (~> 0.0, >= 0.0.3)
      equalizer (~> 0.0, >= 0.0.9)

PLATFORMS
  ruby

DEPENDENCIES
  easy_translate
  google-cloud-translate
  telegram-bot-ruby

BUNDLED WITH
   1.15.1
